GIT
  remote: git://github.com/rails/rails.git
  revision: 8741052ba25722283ea057f6f022f16b1931ce3e
  specs:
    activesupport (6.0.0.alpha)
      concurrent-ruby (~> 1.0, >= 1.0.2)
      i18n (>= 0.7, < 2)
      minitest (~> 5.1)
      tzinfo (~> 1.1)

PATH
  remote: .
  specs:
    fast_underscore (0.3.1)

GEM
  remote: https://rubygems.org/
  specs:
    ast (2.4.0)
    benchmark-ips (2.7.2)
    concurrent-ruby (1.0.5)
    i18n (1.0.1)
      concurrent-ruby (~> 1.0)
    minitest (5.11.3)
    parallel (1.12.1)
    parser (2.5.1.0)
      ast (~> 2.4.0)
    powerpack (0.1.1)
    rainbow (3.0.0)
    rake (12.3.1)
    rake-compiler (1.0.4)
      rake
    rubocop (0.55.0)
      parallel (~> 1.10)
      parser (>= 2.5)
      powerpack (~> 0.1)
      rainbow (>= 2.2.2, < 4.0)
      ruby-progressbar (~> 1.7)
      unicode-display_width (~> 1.0, >= 1.0.1)
    ruby-progressbar (1.9.0)
    thread_safe (0.3.6)
    tzinfo (1.2.5)
      thread_safe (~> 0.1)
    unicode-display_width (1.3.0)

PLATFORMS
  ruby

DEPENDENCIES
  activesupport!
  benchmark-ips (~> 2)
  bundler (~> 1)
  fast_underscore!
  minitest (~> 5)
  rake (~> 12)
  rake-compiler (~> 1)
  rubocop (~> 0.52)

BUNDLED WITH
   1.16.1
